GIT
  remote: git://github.com/ekho/capistrano-git-submodule-strategy.git
  revision: e3b8a78fbe7d3f7d03d473ee488a9c805f8f6fac
  specs:
    capistrano-git-submodule-strategy (0.1.17)
      capistrano (~> 3.1)

GIT
  remote: git@bitbucket.org:errorstudio/errorstudio_capistrano_recipes.git
  revision: f6e6e5bead5b122714e26ff286caa73da1683528
  specs:
    errorstudio_capistrano_recipes (0.1.4.2)
      capistrano (~> 3.4.0)
      capistrano-bundler
      capistrano-composer (>= 0.0.6)
      capistrano-passenger
      capistrano-rails
      rvm1-capistrano3

GEM
  remote: https://rubygems.org/
  specs:
    capistrano (3.4.1)
      i18n
      rake (>= 10.0.0)
      sshkit (~> 1.3)
    capistrano-bundler (1.1.4)
      capistrano (~> 3.1)
      sshkit (~> 1.2)
    capistrano-composer (0.0.6)
      capistrano (>= 3.0.0.pre)
    capistrano-passenger (0.2.0)
      capistrano (~> 3.0)
    capistrano-rails (1.1.7)
      capistrano (~> 3.1)
      capistrano-bundler (~> 1.1)
    i18n (0.7.0)
    net-scp (1.2.1)
      net-ssh (>= 2.6.5)
    net-ssh (3.2.0)
    rake (11.2.2)
    rvm1-capistrano3 (1.4.0)
      capistrano (~> 3.0)
      sshkit (>= 1.2)
    sshkit (1.11.2)
      net-scp (>= 1.1.2)
      net-ssh (>= 2.8.0)

PLATFORMS
  ruby

DEPENDENCIES
  capistrano-git-submodule-strategy (~> 0.1)!
  errorstudio_capistrano_recipes!

BUNDLED WITH
   1.11.2
